GEM
  remote: http://rubygems.org/
  specs:
    chunky_png (1.2.0)
    coffee-script (2.2.0)
      coffee-script-source
      execjs
    coffee-script-source (1.2.0)
    compass (0.11.1)
      chunky_png (~> 1.1)
      fssm (>= 0.2.7)
      sass (~> 3.1)
    compass-colors (0.9.0)
      compass (>= 0.8.7)
    execjs (1.2.13)
      multi_json (~> 1.0)
    fssm (0.2.7)
    grid-coordinates (1.1.4)
      compass (>= 0.10.5)
    haml (3.1.1)
    multi_json (1.0.4)
    rack (1.3.0)
    rdiscount (1.6.8)
    sass (3.1.2)
    sinatra (1.2.6)
      rack (~> 1.1)
      tilt (>= 1.2.2, < 2.0)
    tilt (1.3.2)

PLATFORMS
  ruby

DEPENDENCIES
  coffee-script
  compass (~> 0.11.1)
  compass-colors
  grid-coordinates (~> 1.1.4)
  haml (~> 3.1.1)
  rdiscount
  sass (~> 3.1.1)
  sinatra (~> 1.2.3)
